NUGET
  remote: https://www.nuget.org/api/v2
    FakeItEasy (4.0) - restriction: >= net46
    FluentAssertions (4.19.4) - restriction: >= net46
    Microsoft.CodeAnalysis.Analyzers (1.0) - restriction: >= net46
    Microsoft.CodeAnalysis.Common (1.0.1) - restriction: >= net46
      Microsoft.CodeAnalysis.Analyzers (>= 1.0)
      System.Collections.Immutable (>= 1.1.36)
      System.Reflection.Metadata (>= 1.0.21)
    Microsoft.CodeAnalysis.CSharp (1.0.1) - restriction: >= net46
      Microsoft.CodeAnalysis.Common (>= 1.0.1)
    Microsoft.CodeAnalysis.CSharp.Workspaces (1.0.1) - restriction: >= net46
      Microsoft.CodeAnalysis.CSharp (>= 1.0.1)
      Microsoft.CodeAnalysis.Workspaces.Common (>= 1.0.1)
    Microsoft.CodeAnalysis.VisualBasic (1.0.1) - restriction: >= net46
      Microsoft.CodeAnalysis.Common (>= 1.0.1)
    Microsoft.CodeAnalysis.VisualBasic.Workspaces (1.0.1) - restriction: >= net46
      Microsoft.CodeAnalysis.VisualBasic (>= 1.0.1)
      Microsoft.CodeAnalysis.Workspaces.Common (>= 1.0.1)
    Microsoft.CodeAnalysis.Workspaces.Common (1.0.1) - restriction: >= net46
      Microsoft.CodeAnalysis.Common (>= 1.0.1)
      Microsoft.Composition (>= 1.0.27)
    Microsoft.Composition (1.0.27) - restriction: >= net46
    NuGet.CommandLine (4.3)
    NUnit (3.8.1) - restriction: >= net46
    System.Collections.Immutable (1.1.36) - restriction: >= net46
    System.Reflection.Metadata (1.0.21) - restriction: >= net46
      System.Collections.Immutable (>= 1.1.36)
