REDIRECTS: ON
RESTRICTION: == net452
NUGET
  remote: https://www.nuget.org/api/v2
    FakeItEasy (4.5)
    FluentAssertions (5.1.2)
      System.ValueTuple (>= 4.3)
    Microsoft.CodeAnalysis.Analyzers (1.0)
    Microsoft.CodeAnalysis.Common (1.0.1)
      Microsoft.CodeAnalysis.Analyzers (>= 1.0)
      System.Collections.Immutable (>= 1.1.36)
      System.Reflection.Metadata (>= 1.0.21)
    Microsoft.CodeAnalysis.CSharp (1.0.1)
      Microsoft.CodeAnalysis.Common (>= 1.0.1)
    Microsoft.CodeAnalysis.CSharp.Workspaces (1.0.1)
      Microsoft.CodeAnalysis.CSharp (>= 1.0.1)
      Microsoft.CodeAnalysis.Workspaces.Common (>= 1.0.1)
    Microsoft.CodeAnalysis.Workspaces.Common (1.0.1)
      Microsoft.CodeAnalysis.Common (>= 1.0.1)
      Microsoft.Composition (>= 1.0.27)
    Microsoft.Composition (1.0.27)
    Microsoft.NETCore.Platforms (2.0.1)
    NETStandard.Library (2.0.1)
      Microsoft.NETCore.Platforms (>= 1.1)
      System.Runtime.InteropServices.RuntimeInformation (>= 4.3)
    NuGet.CommandLine (4.5.1)
    NUnit (3.9)
    System.Collections.Immutable (1.1.36)
    System.Reflection.Metadata (1.0.21)
      System.Collections.Immutable (>= 1.1.36)
    System.Runtime.InteropServices.RuntimeInformation (4.3)
    System.ValueTuple (4.4)
      NETStandard.Library (>= 1.6.1)
